GEM
  remote: https://rubygems.org/
  specs:
    mail (2.7.1)
      mini_mime (>= 0.1.1)
    mini_mime (1.0.1)
    pony (1.13.1)
      mail (>= 2.0)

PLATFORMS
  ruby

DEPENDENCIES
  pony

BUNDLED WITH
   1.17.2
